GEM
  remote: https://rubygems.org/
  specs:
    httparty (0.13.0)
      json (~> 1.8)
      multi_xml (>= 0.5.2)
    isbndb (2.0.2)
      httparty (~> 0.12)
      rake
    json (1.8.1)
    mime-types (2.1)
    multi_xml (0.5.5)
    rake (10.1.1)
    rest-client (1.6.7)
      mime-types (>= 1.16)

PLATFORMS
  ruby

DEPENDENCIES
  isbndb (~> 2.0.0)
  rest-client
